GEM
  remote: https://rubygems.org/
  specs:
    domain_name (0.5.20161129)
      unf (>= 0.0.5, < 1.0.0)
    hashie (3.4.6)
    http-cookie (1.0.3)
      domain_name (~> 0.5)
    mime-types (3.1)
      mime-types-data (~> 3.2015)
    mime-types-data (3.2016.0521)
    netrc (0.11.0)
    pkg-config (1.5.5)
    rest-client (2.0.0)
      http-cookie (>= 1.0.2, < 2.0)
      mime-types (>= 1.16, < 4.0)
      netrc (~> 0.8)
    rmagick (5.3.0)
      pkg-config (~> 1.4)
    unf (0.1.4)
      unf_ext
    unf_ext (0.0.7.2)

PLATFORMS
  ruby

DEPENDENCIES
  hashie
  rest-client
  rmagick

BUNDLED WITH
   1.13.6
